GEM
  remote: http://rubygems.org/
  specs:
    gosu (0.14.4-x86-mingw32)

PLATFORMS
  x86-mingw32

DEPENDENCIES
  gosu

BUNDLED WITH
   1.17.1